GEM
  remote: https://rubygems.org/
  specs:
    bourbon (3.1.1)
      sass (>= 3.2.0)
      thor
    classifier (1.3.3)
      fast-stemmer (>= 1.0.0)
    coffee-script (2.2.0)
      coffee-script-source
      execjs
    coffee-script-source (1.6.2)
    commander (4.1.3)
      highline (~> 1.6.11)
    directory_watcher (1.5.1)
    execjs (1.4.0)
      multi_json (~> 1.0)
    fast-stemmer (1.0.2)
    highline (1.6.16)
    hike (1.2.1)
    jekyll (1.0.0.beta2)
      classifier (~> 1.3)
      commander (~> 4.1.3)
      directory_watcher (~> 1.1)
      kramdown (~> 0.14)
      liquid (~> 2.3)
      maruku (~> 0.5)
      pygments.rb (~> 0.3.2)
      safe_yaml (~> 0.7.0)
    jekyll-assets (0.3.5)
      jekyll
      sprockets (~> 2.9)
    kramdown (0.14.2)
    libv8 (3.11.8.17)
    liquid (2.5.0)
    maruku (0.6.1)
      syntax (>= 1.0.0)
    multi_json (1.7.2)
    neat (1.2.0)
      bourbon (>= 2.1)
      sass (>= 3.2)
    posix-spawn (0.3.6)
    pygments.rb (0.3.7)
      posix-spawn (~> 0.3.6)
      yajl-ruby (~> 1.1.0)
    rack (1.5.2)
    redcarpet (2.2.2)
    ref (1.0.4)
    safe_yaml (0.7.1)
    sass (3.2.7)
    sprockets (2.9.0)
      hike (~> 1.2)
      multi_json (~> 1.0)
      rack (~> 1.0)
      tilt (~> 1.1, != 1.3.0)
    syntax (1.0.0)
    therubyracer (0.11.4)
      libv8 (~> 3.11.8.12)
      ref
    thor (0.18.0)
    tilt (1.3.6)
    uglifier (1.3.0)
      execjs (>= 0.3.0)
      multi_json (~> 1.0, >= 1.0.2)
    yajl-ruby (1.1.0)

PLATFORMS
  ruby

DEPENDENCIES
  bourbon
  coffee-script
  jekyll (= 1.0.0.beta2)
  jekyll-assets
  neat
  redcarpet
  sass
  therubyracer
  uglifier
